GEM
  remote: https://rubygems.org/
  specs:
    mini_portile2 (2.4.0)
    nokogiri (1.10.1-x64-mingw32)
      mini_portile2 (~> 2.4.0)
    rmagick (3.0.0)
    rtesseract (3.0.3)
      nokogiri

PLATFORMS
  x64-mingw32

DEPENDENCIES
  rmagick
  rtesseract

BUNDLED WITH
   2.0.1
